GIT
  remote: https://github.com/hanami/cli.git
  revision: edc50b6c8cedabce71636f141a8de713c4f68c6f
  branch: use-database_url-from-env
  specs:
    hanami-cli (2.0.0.beta2)
      bundler (~> 2.1)
      dry-cli (~> 0.7)
      dry-files (~> 0.2, >= 0.2.0)
      dry-inflector (~> 0.2)
      rake (~> 13.0)

GIT
  remote: https://github.com/hanami/hanami.git
  revision: f627f2101475fb348d348bd5a2b4d5cf70005067
  branch: main
  specs:
    hanami (2.0.0.beta2)
      bundler (>= 1.16, < 3)
      dry-configurable (~> 0.15)
      dry-core (~> 0.7)
      dry-inflector (~> 0.2, >= 0.2.1)
      dry-monitor (~> 0.6, >= 0.6.3)
      dry-system (~> 0.25, >= 0.25.0)
      hanami-cli (~> 2.0.beta)
      hanami-utils (~> 2.0.beta)
      zeitwerk (~> 2.4)

GEM
  remote: https://rubygems.org/
  specs:
    concurrent-ruby (1.1.10)
    database_cleaner-core (2.0.1)
    database_cleaner-sequel (2.0.2)
      database_cleaner-core (~> 2.0.0)
      sequel
    diff-lcs (1.5.0)
    dotenv (2.8.1)
    dry-auto_inject (0.9.0)
      dry-container (>= 0.3.4)
    dry-cli (0.7.0)
    dry-configurable (0.15.0)
      concurrent-ruby (~> 1.0)
      dry-core (~> 0.6)
    dry-container (0.10.1)
      concurrent-ruby (~> 1.0)
    dry-core (0.8.1)
      concurrent-ruby (~> 1.0)
    dry-equalizer (0.3.0)
    dry-events (0.3.0)
      concurrent-ruby (~> 1.0)
      dry-core (~> 0.5, >= 0.5)
    dry-files (0.2.0)
    dry-inflector (0.3.0)
    dry-initializer (3.1.1)
    dry-logic (1.2.0)
      concurrent-ruby (~> 1.0)
      dry-core (~> 0.5, >= 0.5)
    dry-monitor (0.6.3)
      dry-configurable (~> 0.13, >= 0.13.0)
      dry-core (~> 0.5, >= 0.5)
      dry-events (~> 0.2)
      zeitwerk (~> 2.5)
    dry-struct (1.4.0)
      dry-core (~> 0.5, >= 0.5)
      dry-types (~> 1.5)
      ice_nine (~> 0.11)
    dry-system (0.25.0)
      concurrent-ruby (~> 1.0)
      dry-auto_inject (>= 0.4.0)
      dry-configurable (~> 0.14, >= 0.14.0)
      dry-container (~> 0.10, >= 0.10.0)
      dry-core (~> 0.5, >= 0.5)
      dry-inflector (~> 0.1, >= 0.1.2)
    dry-transformer (0.1.1)
    dry-types (1.5.1)
      concurrent-ruby (~> 1.0)
      dry-container (~> 0.3)
      dry-core (~> 0.5, >= 0.5)
      dry-inflector (~> 0.1, >= 0.1.2)
      dry-logic (~> 1.0, >= 1.0.2)
    faker (2.23.0)
      i18n (>= 1.8.11, < 2)
    hanami-controller (2.0.0.beta1)
      dry-configurable (~> 0.13, >= 0.13.0)
      hanami-utils (~> 2.0.beta)
      rack (~> 2.0)
    hanami-router (2.0.0.beta2)
      mustermann (~> 1.0)
      mustermann-contrib (~> 1.0)
      rack (~> 2.0)
    hanami-rspec (3.11.0.beta2)
      hanami-cli (~> 2.0.0.alpha)
      rake (~> 13.0)
      rspec (~> 3.11)
    hanami-utils (2.0.0.beta1)
      concurrent-ruby (~> 1.0)
      dry-transformer (~> 0.1)
    hansi (0.2.1)
    i18n (1.12.0)
      concurrent-ruby (~> 1.0)
    ice_nine (0.11.2)
    mustermann (1.1.2)
      ruby2_keywords (~> 0.0.1)
    mustermann-contrib (1.1.2)
      hansi (~> 0.2.0)
      mustermann (= 1.1.2)
    nio4r (2.5.8)
    pg (1.4.3)
    puma (5.6.5)
      nio4r (~> 2.0)
    rack (2.2.4)
    rack-test (2.0.2)
      rack (>= 1.3)
    rake (13.0.6)
    rom (5.2.6)
      rom-changeset (~> 5.2, >= 5.2.3)
      rom-core (~> 5.2, >= 5.2.5)
      rom-repository (~> 5.2, >= 5.2.2)
    rom-changeset (5.2.3)
      dry-core (~> 0.4)
      rom-core (~> 5.2)
      transproc (~> 1.0, >= 1.1.0)
    rom-core (5.2.6)
      concurrent-ruby (~> 1.1)
      dry-container (~> 0.7)
      dry-core (~> 0.4)
      dry-equalizer (~> 0.2)
      dry-inflector (~> 0.1)
      dry-initializer (~> 3.0, >= 3.0.1)
      dry-struct (~> 1.0)
      dry-types (~> 1.0)
      transproc (~> 1.0, >= 1.1.0)
    rom-factory (0.10.2)
      dry-configurable (~> 0.7)
      dry-core (~> 0.4)
      faker (>= 1.7, < 3.0)
      rom-core (~> 5.0)
    rom-repository (5.2.2)
      dry-core (~> 0.4)
      dry-initializer (~> 3.0, >= 3.0.1)
      rom-core (~> 5.2, >= 5.2.2)
    rom-sql (3.5.0)
      dry-core (~> 0.5, >= 0.5)
      dry-types (~> 1.0)
      rom (~> 5.2, >= 5.2.1)
      sequel (>= 4.49)
    rspec (3.11.0)
      rspec-core (~> 3.11.0)
      rspec-expectations (~> 3.11.0)
      rspec-mocks (~> 3.11.0)
    rspec-core (3.11.0)
      rspec-support (~> 3.11.0)
    rspec-expectations (3.11.0)
      diff-lcs (>= 1.2.0, < 2.0)
      rspec-support (~> 3.11.0)
    rspec-mocks (3.11.1)
      diff-lcs (>= 1.2.0, < 2.0)
      rspec-support (~> 3.11.0)
    rspec-support (3.11.0)
    ruby2_keywords (0.0.5)
    sequel (5.60.1)
    transproc (1.1.1)
    zeitwerk (2.6.0)

PLATFORMS
  arm64-darwin-21

DEPENDENCIES
  database_cleaner-sequel
  dotenv
  dry-types
  hanami!
  hanami-cli!
  hanami-controller (~> 2.0.0.beta)
  hanami-router (~> 2.0.0.beta)
  hanami-rspec
  pg
  puma
  rack-test
  rake
  rom
  rom-factory
  rom-sql
  sequel

BUNDLED WITH
   2.3.20
