GIT
  remote: https://github.com/dry-rb/dry-transformer.git
  revision: caf213b263642c624ff95c2854a8bfa37c69e949
  specs:
    dry-transformer (0.1.2)

GIT
  remote: https://github.com/hanami/cli.git
  revision: 639393a4670e6b50acf7167d3232a09cc2422c9d
  specs:
    hanami-cli (2.0.0.rc1)
      bundler (~> 2.1)
      dry-cli (~> 1.0, < 2)
      dry-files (~> 1.0, < 2)
      dry-inflector (~> 1.0, < 2)
      rake (~> 13.0)

GIT
  remote: https://github.com/hanami/controller.git
  revision: f66d91beef8023a1dd2d41c51aa3168f2060d2a4
  specs:
    hanami-controller (2.0.0.rc1)
      dry-configurable (~> 1.0, < 2)
      hanami-utils (~> 2.0.0.rc1)
      rack (~> 2.0)

GIT
  remote: https://github.com/hanami/hanami.git
  revision: 0d1bc5f9b256fdb61d9e89f7a99ebe447443d9e8
  specs:
    hanami (2.0.0.rc1)
      bundler (>= 1.16, < 3)
      dry-configurable (~> 1.0, < 2)
      dry-core (~> 1.0, < 2)
      dry-inflector (~> 1.0, < 2)
      dry-logger (~> 1.0.rc)
      dry-monitor (~> 1.0, < 2)
      dry-system (~> 1.0.rc)
      hanami-cli (~> 2.0.rc)
      hanami-utils (~> 2.0.rc)
      zeitwerk (~> 2.6)

GIT
  remote: https://github.com/hanami/router.git
  revision: d4f7a677a34978f24c153b9c96b90a03dd3e3a9b
  specs:
    hanami-router (2.0.0.rc1)
      mustermann (~> 1.0)
      mustermann-contrib (~> 1.0)
      rack (~> 2.0)

GIT
  remote: https://github.com/rom-rb/rom-sql.git
  revision: 8fd3b3f3f05215e6eabc9ea23fa514b61a897b3b
  specs:
    rom-sql (4.0.0.alpha1)
      dry-core (~> 1.0)
      dry-types (~> 1.7)
      rom (~> 6.0.0.alpha)
      sequel (>= 5)

GIT
  remote: https://github.com/rom-rb/rom.git
  revision: c433f03873fad3c0bae9b625a71a92617c24149e
  specs:
    rom (6.0.0.alpha1)
      concurrent-ruby (~> 1.1)
      dry-core (>= 1.0.0.rc1, < 2)
      dry-effects (~> 0.4)
      dry-inflector (>= 1.0.0.rc1, < 2)
      dry-initializer (~> 3.1)
      dry-struct (~> 1.4)
      dry-transformer (~> 0.1, >= 0.1.2)
      dry-types (~> 1.5)
      zeitwerk (~> 2.6)

GEM
  remote: https://rubygems.org/
  specs:
    concurrent-ruby (1.1.10)
    database_cleaner-core (2.0.1)
    database_cleaner-sequel (2.0.2)
      database_cleaner-core (~> 2.0.0)
      sequel
    diff-lcs (1.5.0)
    dotenv (2.8.1)
    dry-auto_inject (1.0.0.rc1)
      dry-core (~> 1.0, < 2)
      zeitwerk (~> 2.6)
    dry-cli (1.0.0)
    dry-configurable (1.0.0)
      dry-core (~> 1.0, < 2)
      zeitwerk (~> 2.6)
    dry-core (1.0.0)
      concurrent-ruby (~> 1.0)
      zeitwerk (~> 2.6)
    dry-effects (0.4.0)
      concurrent-ruby (~> 1.0)
      dry-core (~> 1.0)
      dry-inflector (~> 1.0)
      dry-initializer (~> 3.0)
      zeitwerk (~> 2.6)
    dry-events (1.0.0)
      concurrent-ruby (~> 1.0)
      dry-core (~> 1.0, < 2)
    dry-files (1.0.0)
    dry-inflector (1.0.0)
    dry-initializer (3.1.1)
    dry-logger (1.0.0.rc2)
    dry-logic (1.4.0)
      concurrent-ruby (~> 1.0)
      dry-core (~> 1.0, < 2)
      zeitwerk (~> 2.6)
    dry-monitor (1.0.0)
      dry-configurable (~> 1.0, < 2)
      dry-core (~> 1.0, < 2)
      dry-events (~> 1.0, < 2)
    dry-struct (1.6.0)
      dry-core (~> 1.0, < 2)
      dry-types (>= 1.7, < 2)
      ice_nine (~> 0.11)
      zeitwerk (~> 2.6)
    dry-system (1.0.0.rc1)
      dry-auto_inject (~> 1.0.0.rc1, < 2)
      dry-configurable (~> 1.0, < 2)
      dry-core (~> 1.0, < 2)
      dry-inflector (~> 1.0, < 2)
    dry-types (1.7.0)
      concurrent-ruby (~> 1.0)
      dry-core (~> 1.0, < 2)
      dry-inflector (~> 1.0, < 2)
      dry-logic (>= 1.4, < 2)
      zeitwerk (~> 2.6)
    hanami-rspec (3.11.0.beta4)
      hanami-cli (~> 2.0.0.beta)
      rake (~> 13.0)
      rspec (~> 3.11)
    hanami-utils (2.0.0.rc1)
      concurrent-ruby (~> 1.0)
      dry-transformer (~> 0.1)
    hansi (0.2.1)
    ice_nine (0.11.2)
    mustermann (1.1.2)
      ruby2_keywords (~> 0.0.1)
    mustermann-contrib (1.1.2)
      hansi (~> 0.2.0)
      mustermann (= 1.1.2)
    nio4r (2.5.8)
    pg (1.4.4)
    puma (6.0.0)
      nio4r (~> 2.0)
    rack (2.2.4)
    rack-test (2.0.2)
      rack (>= 1.3)
    rake (13.0.6)
    rspec (3.12.0)
      rspec-core (~> 3.12.0)
      rspec-expectations (~> 3.12.0)
      rspec-mocks (~> 3.12.0)
    rspec-core (3.12.0)
      rspec-support (~> 3.12.0)
    rspec-expectations (3.12.0)
      diff-lcs (>= 1.2.0, < 2.0)
      rspec-support (~> 3.12.0)
    rspec-mocks (3.12.0)
      diff-lcs (>= 1.2.0, < 2.0)
      rspec-support (~> 3.12.0)
    rspec-support (3.12.0)
    ruby2_keywords (0.0.5)
    sequel (5.62.0)
    zeitwerk (2.6.6)

PLATFORMS
  arm64-darwin-21

DEPENDENCIES
  database_cleaner-sequel
  dotenv
  dry-transformer!
  dry-types
  hanami!
  hanami-cli!
  hanami-controller!
  hanami-router!
  hanami-rspec
  pg
  puma
  rack-test
  rake
  rom!
  rom-sql!
  sequel

BUNDLED WITH
   2.3.25
